GEM
  remote: http://rubygems.org/
  specs:
    bluecloth (2.1.0)
    git (1.2.5)
    jeweler (1.6.4)
      bundler (~> 1.0)
      git (>= 1.2.5)
      rake
    rake (0.9.2)
    rcov (0.9.10)
    shoulda (2.11.3)
    yard (0.8.3)

PLATFORMS
  ruby

DEPENDENCIES
  bluecloth
  bundler (~> 1.2.3)
  jeweler (~> 1.6.4)
  rcov
  shoulda
  yard (~> 0.8.3)
